GEM
  remote: https://rubygems.org/
  specs:
    tiny_color (1.3.1)

PLATFORMS
  ruby
  x86_64-darwin-23

DEPENDENCIES
  tiny_color

BUNDLED WITH
   2.5.16
